GEM
  remote: https://rubygems.org/
  specs:
    Ascii85 (1.0.3)
    activesupport (6.0.3.1)
      concurrent-ruby (~> 1.0, >= 1.0.2)
      i18n (>= 0.7, < 2)
      minitest (~> 5.1)
      tzinfo (~> 1.1)
      zeitwerk (~> 2.2, >= 2.2.2)
    addressable (2.8.0)
      public_suffix (>= 2.0.2, < 5.0)
    afm (0.2.2)
    ansi (1.5.0)
    asciidoctor (1.5.8)
    asciidoctor-jenkins-extensions (0.5.0)
      asciidoctor (~> 1.5.5)
      coderay (~> 1.1.1)
      colorize (~> 0.8.1)
    asciidoctor-pdf (1.5.0.alpha.15)
      asciidoctor (>= 1.5.0)
      prawn (>= 1.3.0, < 2.3.0)
      prawn-icon (= 1.3.0)
      prawn-svg (>= 0.21.0, < 0.27.0)
      prawn-table (= 0.2.2)
      prawn-templates (>= 0.0.3, <= 0.0.5)
      safe_yaml (~> 1.0.4)
      thread_safe (~> 0.3.6)
      treetop (= 1.5.3)
    ast (2.4.2)
    awestruct (0.6.1)
      asciidoctor (>= 1.5.2, < 3.0)
      git (~> 1.2, >= 1.2.6)
      guard (~> 2.0, >= 2.13.0)
      guard-livereload (~> 2.0, >= 2.1.2)
      haml (>= 4.0.5, < 6.0)
      listen (~> 3.1)
      logging (~> 2.2)
      mime-types (~> 3.0)
      oga (~> 2.0)
      parallel (~> 1.0, > 1.1.1)
      rack (~> 2.0)
      rest-client (~> 2.0)
      tilt (~> 2.0, >= 2.0.1)
    awestruct-ibeams (0.4.3)
      awestruct (>= 0.5.6, < 0.7.0)
      naturally (~> 2.1.0)
    coderay (1.1.3)
    colorize (0.8.1)
    concurrent-ruby (1.1.6)
    css_parser (1.6.0)
      addressable
    domain_name (0.5.20190701)
      unf (>= 0.0.5, < 1.0.0)
    em-websocket (0.5.3)
      eventmachine (>= 0.12.9)
      http_parser.rb (~> 0)
    eventmachine (1.2.7)
    faraday (0.9.2)
      multipart-post (>= 1.2, < 3)
    faraday_middleware (0.9.2)
      faraday (>= 0.7.4, < 0.10)
    ffi (1.10.0)
    formatador (1.1.0)
    git (1.11.0)
      rchardet (~> 1.8)
    guard (2.18.0)
      formatador (>= 0.2.4)
      listen (>= 2.7, < 4.0)
      lumberjack (>= 1.0.12, < 2.0)
      nenv (~> 0.1)
      notiffany (~> 0.0)
      pry (>= 0.13.0)
      shellany (~> 0.0)
      thor (>= 0.18.1)
    guard-compat (1.2.1)
    guard-livereload (2.5.2)
      em-websocket (~> 0.5)
      guard (~> 2.8)
      guard-compat (~> 1.0)
      multi_json (~> 1.8)
    haml (5.2.2)
      temple (>= 0.8.0)
      tilt
    haml-i18n-extractor (0.5.9)
      activesupport
      haml
      highline
      tilt
      trollop (= 1.16.2)
    hashery (2.1.2)
    highline (2.0.1)
    http-accept (1.7.0)
    http-cookie (1.0.5)
      domain_name (~> 0.5)
    http_parser.rb (0.8.0)
    i18n (1.5.3)
      concurrent-ruby (~> 1.0)
    kramdown (2.3.1)
      rexml
    liquid (3.0.6)
    listen (3.7.1)
      rb-fsevent (~> 0.10, >= 0.10.3)
      rb-inotify (~> 0.9, >= 0.9.10)
    little-plugger (1.1.4)
    logging (2.3.1)
      little-plugger (~> 1.1)
      multi_json (~> 1.14)
    lumberjack (1.2.8)
    method_source (1.0.0)
    mime-types (3.4.1)
      mime-types-data (~> 3.2015)
    mime-types-data (3.2022.0105)
    minitest (5.14.1)
    multi_json (1.15.0)
    multipart-post (2.0.0)
    naturally (2.1.0)
    nenv (0.3.0)
    netrc (0.11.0)
    notiffany (0.1.3)
      nenv (~> 0.1)
      shellany (~> 0.0)
    oga (2.15)
      ast
      ruby-ll (~> 2.1)
    parallel (1.22.1)
    pdf-core (0.7.0)
    pdf-reader (1.4.1)
      Ascii85 (~> 1.0.0)
      afm (~> 0.2.1)
      hashery (~> 2.0)
      ruby-rc4
      ttfunk
    polyglot (0.3.5)
    prawn (2.2.2)
      pdf-core (~> 0.7.0)
      ttfunk (~> 1.5)
    prawn-icon (1.3.0)
      prawn (>= 1.1.0, < 3.0.0)
    prawn-svg (0.26.0)
      css_parser (~> 1.3)
      prawn (>= 0.11.1, < 3)
    prawn-table (0.2.2)
      prawn (>= 1.3.0, < 3.0.0)
    prawn-templates (0.0.5)
      pdf-core (>= 0.5.0)
      pdf-reader (~> 1.3)
      prawn (>= 2.2.1)
    pry (0.14.1)
      coderay (~> 1.1)
      method_source (~> 1.0)
    public_suffix (4.0.6)
    rack (2.2.4)
    rb-fsevent (0.11.1)
    rb-inotify (0.10.1)
      ffi (~> 1.0)
    rchardet (1.8.0)
    rest-client (2.1.0)
      http-accept (>= 1.7.0, < 2.0)
      http-cookie (>= 1.0.2, < 2.0)
      mime-types (>= 1.16, < 4.0)
      netrc (~> 0.8)
    rexml (3.2.5)
    ruby-ll (2.1.2)
      ansi
      ast
    ruby-rc4 (0.1.5)
    rubyzip (1.3.0)
    safe_yaml (1.0.4)
    shellany (0.0.1)
    temple (0.8.2)
    thor (1.2.1)
    thread_safe (0.3.6)
    tilt (2.0.10)
    treetop (1.5.3)
      polyglot (~> 0.3)
    trollop (1.16.2)
    ttfunk (1.5.1)
    tzinfo (1.2.10)
      thread_safe (~> 0.1)
    unf (0.1.4)
      unf_ext
    unf_ext (0.0.8.2)
    zeitwerk (2.3.0)

PLATFORMS
  ruby

DEPENDENCIES
  asciidoctor (~> 1.5.5)
  asciidoctor-jenkins-extensions
  asciidoctor-pdf (= 1.5.0.alpha.15)
  awestruct (~> 0.6.1)
  awestruct-ibeams (~> 0.4)
  colorize
  faraday (~> 0.9.2)
  faraday_middleware (~> 0.9.2)
  ffi (>= 1.9.24)
  haml (~> 5.2.2)
  haml-i18n-extractor (~> 0.5.9)
  i18n
  kramdown (~> 2.3.1)
  liquid (~> 3.0)
  rack (>= 1.6.11)
  rubyzip (~> 1.3.0)

BUNDLED WITH
   1.17.3
